NUGET
  remote: https://www.nuget.org/api/v2
  specs:
    FSharp.Compiler.Service (2.0.0.6)
    FSharp.Core (4.0.0.1)
    FSharp.Data (2.2.5)
      Zlib.Portable (>= 1.10.0) - framework: portable-net40+sl50+wp80+win80
    Suave (1.1.1)
      FSharp.Core (>= 3.1.2.5)
    Zlib.Portable (1.11.0) - framework: portable-net40+sl50+wp80+win80
GITHUB
  remote: tpetricek/fsharp-web-editors
  specs:
    FULLPROJECT (82c6c152e5f233d2d7af30f1ebfa38c44ae6a164)
      FSharp.Compiler.Service
      FSharp.Data
      Suave